GEM
  remote: https://rubygems.org/
  specs:
    addressable (2.8.0)
      public_suffix (>= 2.0.2, < 5.0)
    claide (1.0.2)
    claide-plugins (0.9.2)
      cork
      nap
      open4 (~> 1.3)
    colored2 (3.1.2)
    cork (0.3.0)
      colored2 (~> 3.1)
    danger (5.16.1)
      claide (~> 1.0)
      claide-plugins (>= 0.9.2)
      colored2 (~> 3.1)
      cork (~> 0.1)
      faraday (~> 0.9)
      faraday-http-cache (~> 1.0)
      git (~> 1.5)
      kramdown (~> 1.5)
      no_proxy_fix
      octokit (~> 4.7)
      terminal-table (~> 1)
    faraday (0.17.4)
      multipart-post (>= 1.2, < 3)
    faraday-http-cache (1.3.1)
      faraday (~> 0.8)
    git (1.5.0)
    kramdown (1.17.0)
    multipart-post (2.1.1)
    nap (1.1.0)
    no_proxy_fix (0.1.2)
    octokit (4.21.0)
      faraday (>= 0.9)
      sawyer (~> 0.8.0, >= 0.5.3)
    open4 (1.3.4)
    public_suffix (4.0.6)
    sawyer (0.8.2)
      addressable (>= 2.3.5)
      faraday (> 0.8, < 2.0)
    terminal-table (1.8.0)
      unicode-display_width (~> 1.1, >= 1.1.1)
    unicode-display_width (1.5.0)

PLATFORMS
  ruby

DEPENDENCIES
  danger

BUNDLED WITH
   1.16.1
